GEM
  remote: https://rubygems.org/
  specs:
    ast (2.4.2)
    coderay (1.1.3)
    colorize (0.8.1)
    ffi (1.15.5)
    method_source (1.0.0)
    parser (3.1.1.0)
      ast (~> 2.4.1)
    pry (0.14.1)
      coderay (~> 1.1)
      method_source (~> 1.0)
    rake (13.0.6)
    regexp_parser (2.1.1)
    ruby2js (4.2.2)
      parser
      regexp_parser (~> 2.1.1)
    sassc (2.4.0)
      ffi (~> 1.9)
    slim (4.1.0)
      temple (>= 0.7.6, < 0.9)
      tilt (>= 2.0.6, < 2.1)
    temple (0.8.2)
    tilt (2.0.10)

PLATFORMS
  ruby

DEPENDENCIES
  colorize
  pry
  rake
  ruby2js
  sassc
  slim
  tilt

BUNDLED WITH
   2.1.4
